GIT
  remote: https://github.com/LemonAndroid/wit.git
  revision: a0414a55a59d11cdbc29db0e62265387a7473c6a
  specs:
    wit (6.0.0)

GIT
  remote: https://github.com/icetiger-tec/screencap.git
  revision: 3997bc21f5180107dcfb65d482eb9f772a0fd51b
  specs:
    screencap (0.1.4)
      phantomjs

GIT
  remote: https://github.com/icetiger-tec/zircon.git
  revision: b40496d72d8fa8590375a85c5684deb45c3fcd70
  specs:
    zircon (0.0.8)

GEM
  remote: https://rubygems.org/
  specs:
    activesupport (5.2.3)
      concurrent-ruby (~> 1.0, >= 1.0.2)
      i18n (>= 0.7, < 2)
      minitest (~> 5.1)
      tzinfo (~> 1.1)
    brainz (0.2.0)
    byebug (11.0.1)
    colorize (0.8.1)
    concurrent-ruby (1.1.5)
    eezee_regexes (0.1.5)
    facets (3.1.0)
    faraday (0.15.4)
      multipart-post (>= 1.2, < 3)
    gnuplot (2.6.2)
    gyazo (3.0.1)
      faraday
      mime-types
      multipart-post
    i18n (1.6.0)
      concurrent-ruby (~> 1.0)
    json2table (1.0.7)
    mathn (0.1.0)
    mime-types (3.2.2)
      mime-types-data (~> 3.2015)
    mime-types-data (3.2019.0331)
    mini_portile2 (2.4.0)
    minitest (5.11.3)
    multipart-post (2.1.1)
    mustermann (1.0.3)
    nokogiri (1.10.3)
      mini_portile2 (~> 2.4.0)
    open4 (1.3.4)
    phantomjs (2.1.1.0)
    polynomials (0.4.4)
      activesupport
      i18n
    rack (2.0.7)
    rack-protection (2.0.5)
      rack
    rake (12.3.3)
    sinatra (2.0.5)
      mustermann (~> 1.0)
      rack (~> 2.0)
      rack-protection (= 2.0.5)
      tilt (~> 2.0)
    thread_safe (0.3.6)
    tilt (2.0.9)
    tzinfo (1.2.5)
      thread_safe (~> 0.1)

PLATFORMS
  ruby

DEPENDENCIES
  activesupport
  brainz
  bundler
  byebug
  colorize
  eezee_regexes
  facets
  gnuplot
  gyazo
  json2table
  mathn
  nokogiri
  open4
  polynomials
  rack
  rake
  screencap!
  sinatra
  wit!
  zircon!

BUNDLED WITH
   2.0.2
